GEM
  remote: https://rubygems.org/
  specs:
    coderay (1.1.2)
    method_source (0.9.2)
    pry (0.12.2)
      coderay (~> 1.1.0)
      method_source (~> 0.9.0)
    wicked_pdf (1.1.0)
    wkhtmltopdf-binary-edge (0.12.5.0)

PLATFORMS
  ruby

DEPENDENCIES
  pry
  wicked_pdf
  wkhtmltopdf-binary-edge

BUNDLED WITH
   1.16.5
